PATH
  remote: ../rulers
  specs:
    rulers (0.5.0)
      erubis (~> 2.6)
      multi_json (~> 1.12)
      rack (~> 1.6)

GEM
  remote: https://rubygems.org/
  specs:
    erubis (2.7.0)
    ffi (1.9.10)
    json (1.8.3)
    listen (3.1.5)
      rb-fsevent (~> 0.9, >= 0.9.4)
      rb-inotify (~> 0.9, >= 0.9.7)
      ruby_dep (~> 1.2)
    multi_json (1.12.1)
    rack (1.6.4)
    rb-fsevent (0.9.7)
    rb-inotify (0.9.7)
      ffi (>= 0.5.0)
    rerun (0.11.0)
      listen (~> 3.0)
    ruby_dep (1.3.1)

PLATFORMS
  ruby

DEPENDENCIES
  json
  multi_json
  rerun
  rulers!

BUNDLED WITH
   1.12.5
